PATH
  remote: .
  specs:
    fluent-plugin-s3 (0.4.1)
      aws-sdk (~> 1.9.5)
      fluent-mixin-config-placeholders (~> 0.2.0)
      fluentd (~> 0.10.0)
      rubyzip (= 0.9.9)
      yajl-ruby (~> 1.0)

GEM
  remote: http://rubygems.org/
  specs:
    aws-sdk (1.9.5)
      json (~> 1.4)
      nokogiri (>= 1.4.4)
      uuidtools (~> 2.1)
    cool.io (1.1.1)
      iobuffer (>= 1.0.0)
    flexmock (1.3.3)
    fluent-mixin-config-placeholders (0.2.3)
      fluentd
      uuidtools
    fluentd (0.10.42)
      cool.io (~> 1.1.1)
      http_parser.rb (~> 0.5.1)
      json (>= 1.4.3)
      msgpack (>= 0.4.4, < 0.6.0, != 0.5.3, != 0.5.2, != 0.5.1, != 0.5.0)
      yajl-ruby (~> 1.0)
    http_parser.rb (0.5.3)
    iobuffer (1.1.2)
    json (1.8.1)
    mini_portile (0.5.2)
    msgpack (0.5.8)
    nokogiri (1.6.1)
      mini_portile (~> 0.5.0)
    rake (10.1.1)
    rubyzip (0.9.9)
    uuidtools (2.1.4)
    yajl-ruby (1.2.0)

PLATFORMS
  ruby

DEPENDENCIES
  flexmock (>= 1.2.0)
  fluent-plugin-s3!
  rake (>= 0.9.2)
